PATH
  remote: .
  specs:
    rots (0.2.2)
      net-http
      rack (>= 2.0)
      ruby-openid2 (~> 3.0)
      yaml

GEM
  remote: https://rubygems.org/
  specs:
    diff-lcs (1.5.1)
    net-http (0.4.1)
      uri
    rack (3.1.7)
    rspec (3.13.0)
      rspec-core (~> 3.13.0)
      rspec-expectations (~> 3.13.0)
      rspec-mocks (~> 3.13.0)
    rspec-core (3.13.1)
      rspec-support (~> 3.13.0)
    rspec-expectations (3.13.3)
      diff-lcs (>= 1.2.0, < 2.0)
      rspec-support (~> 3.13.0)
    rspec-mocks (3.13.1)
      diff-lcs (>= 1.2.0, < 2.0)
      rspec-support (~> 3.13.0)
    rspec-support (3.13.1)
    ruby-openid2 (3.0.0)
      version_gem (~> 1.1, >= 1.1.4)
    uri (0.13.1)
    version_gem (1.1.4)
    yaml (0.3.0)

PLATFORMS
  ruby

DEPENDENCIES
  rots!
  rspec (~> 3.13)

BUNDLED WITH
   2.4.22
